GEM
  specs:
    childprocess (3.0.0)
    nokogiri (1.13.0-x86_64-darwin)
      racc (~> 1.4)
    racc (1.6.0)
    rubyzip (2.3.2)
    selenium-webdriver (3.142.7)
      childprocess (>= 0.5, < 4.0)
      rubyzip (>= 1.2.2)
    webdrivers (4.4.1)
      nokogiri (~> 1.6)
      rubyzip (>= 1.3.0)
      selenium-webdriver (>= 3.0, < 4.0)

PLATFORMS
  x86_64-darwin-20

DEPENDENCIES
  selenium-webdriver
  webdrivers

BUNDLED WITH
   2.2.26
